GEM
  remote: https://rubygems.org/
  specs:
    mini_magick (3.4)
      subexec (~> 0.2.1)
    rmagick (2.13.1)
    subexec (0.2.2)

PLATFORMS
  ruby

DEPENDENCIES
  mini_magick (= 3.4)
  rmagick
